PATH
  remote: .
  specs:
    bodogem-game-dominion (0.0.1)

GEM
  remote: https://rubygems.org/
  specs:
    rake (10.4.2)

PLATFORMS
  ruby

DEPENDENCIES
  bodogem-game-dominion!
  bundler (~> 1.10)
  rake (~> 10.0)

BUNDLED WITH
   1.10.6
