GIT
  remote: git://github.com/odaillyjp/bodogem.git
  revision: 90d2dd6d0e546d0ebf9a0470320ba31233e061d6
  specs:
    bodogem (0.1.0)
      eventmachine
      faye-websocket
      slack-ruby-client

GEM
  remote: https://rubygems.org/
  specs:
    coderay (1.1.0)
    eventmachine (1.0.8)
    faraday (0.9.2)
      multipart-post (>= 1.2, < 3)
    faraday_middleware (0.10.0)
      faraday (>= 0.7.4, < 0.10)
    faye-websocket (0.10.2)
      eventmachine (>= 0.12.0)
      websocket-driver (>= 0.5.1)
    gli (2.13.4)
    json (1.8.3)
    method_source (0.8.2)
    multipart-post (2.0.0)
    pry (0.10.3)
      coderay (~> 1.1.0)
      method_source (~> 0.8.1)
      slop (~> 3.4)
    slack-ruby-client (0.5.0)
      faraday
      faraday_middleware
      gli
      json
      websocket-driver
    slop (3.6.0)
    websocket-driver (0.6.3)
      websocket-extensions (>= 0.1.0)
    websocket-extensions (0.1.2)

PLATFORMS
  ruby

DEPENDENCIES
  bodogem (= 0.1.0)!
  eventmachine
  faye-websocket
  pry
  slack-ruby-client

BUNDLED WITH
   1.10.6
